GENERATE-LOAD-SCRIPTS: ON
FRAMEWORK: NET45
NUGET
  remote: https://www.nuget.org/api/v2
    Microsoft.AspNet.WebApi (5.2.3)
      Microsoft.AspNet.WebApi.WebHost (>= 5.2.3 < 5.3)
    Microsoft.AspNet.WebApi.Client (5.2.3)
      Newtonsoft.Json (>= 6.0.4)
    Microsoft.AspNet.WebApi.Core (5.2.3)
      Microsoft.AspNet.WebApi.Client (>= 5.2.3)
    Microsoft.AspNet.WebApi.WebHost (5.2.3)
      Microsoft.AspNet.WebApi.Core (>= 5.2.3 < 5.3)
    Microsoft.Azure.KeyVault.Core (2.0.4)
    Microsoft.Azure.WebJobs (2.0)
      Microsoft.Azure.WebJobs.Core (2.0)
      Newtonsoft.Json (>= 9.0.1)
      WindowsAzure.Storage (>= 7.2.1)
    Microsoft.Azure.WebJobs.Core (2.0)
    Microsoft.Azure.WebJobs.Extensions (2.0)
      Microsoft.Azure.WebJobs (>= 2.0)
      Microsoft.Tpl.Dataflow (>= 4.5.24)
      ncrontab (>= 3.3)
    Microsoft.Data.Edm (5.8.2)
    Microsoft.Data.OData (5.8.2)
      Microsoft.Data.Edm (5.8.2)
      System.Spatial (5.8.2)
    Microsoft.Data.Services.Client (5.8.2)
      Microsoft.Data.OData (5.8.2)
    Microsoft.Tpl.Dataflow (4.5.24)
    ncrontab (3.3)
    Newtonsoft.Json (10.0.2)
    System.Spatial (5.8.2)
    WindowsAzure.ServiceBus (4.1)
    WindowsAzure.Storage (8.1.1)
      Microsoft.Azure.KeyVault.Core (>= 1.0)
      Microsoft.Data.OData (>= 5.8.2)
      Microsoft.Data.Services.Client (>= 5.8.2)
      Newtonsoft.Json (>= 6.0.8)
